GEM
  remote: https://rubygems.org/
  specs:
    auto_click (0.5.9)
    childprocess (3.0.0)
    rubyzip (2.3.0)
    selenium-webdriver (3.142.7)
      childprocess (>= 0.5, < 4.0)
      rubyzip (>= 1.2.2)

PLATFORMS
  x64-mingw32

DEPENDENCIES
  auto_click
  selenium-webdriver

BUNDLED WITH
   2.1.4
